GEM
  remote: http://rubygems.org/
  specs:
    cronedit (0.3.0)
    lru_redux (0.8.1)
    rack (1.5.2)
    rack-protection (1.5.3)
      rack
    rack-test (0.6.2)
      rack (>= 1.0)
    sinatra (1.4.4)
      rack (~> 1.4)
      rack-protection (~> 1.4)
      tilt (~> 1.3, >= 1.3.4)
    test-unit (2.5.5)
    tilt (1.4.1)

PLATFORMS
  x64-mingw32

DEPENDENCIES
  cronedit (= 0.3.0)
  lru_redux (= 0.8.1)
  rack-test (= 0.6.2)
  sinatra (= 1.4.4)
  test-unit (= 2.5.5)
